PATH
  remote: .
  specs:
    instagram_basic_display_api (0.0.2)
      faraday (>= 0.17.3, < 2.8.0)
      faraday_middleware (~> 0.14.0)

GEM
  remote: http://rubygems.org/
  specs:
    diff-lcs (1.3)
    dotenv (2.7.5)
    faraday (0.17.6)
      multipart-post (>= 1.2, < 3)
    faraday_middleware (0.14.0)
      faraday (>= 0.7.4, < 1.0)
    multipart-post (2.3.0)
    rspec (3.9.0)
      rspec-core (~> 3.9.0)
      rspec-expectations (~> 3.9.0)
      rspec-mocks (~> 3.9.0)
    rspec-core (3.9.1)
      rspec-support (~> 3.9.1)
    rspec-expectations (3.9.0)
      diff-lcs (>= 1.2.0, < 2.0)
      rspec-support (~> 3.9.0)
    rspec-mocks (3.9.1)
      diff-lcs (>= 1.2.0, < 2.0)
      rspec-support (~> 3.9.0)
    rspec-support (3.9.2)

PLATFORMS
  ruby

DEPENDENCIES
  dotenv (~> 2.7, >= 2.7.5)
  instagram_basic_display_api!
  rspec (~> 3.9, >= 3.9.0)

BUNDLED WITH
   2.1.4
